GEM
  remote: https://rubygems.org/
  specs:
    cane (2.6.2)
      parallel
    parallel (1.3.4)
    rake (10.4.2)

PLATFORMS
  ruby

DEPENDENCIES
  cane
  rake
